GEM
  remote: https://rubygems.org/
  specs:
    addressable (2.8.0)
      public_suffix (5.0.5)
    asciidoctor (2.0.23)
    coderay (1.1.3)
    colorator (1.1.0)
    faraday (2.9.1)
      multipart-post (2.4.1)
    ffi (1.17.0)
    forwardable-extended (2.6.0)
    jekyll (4.3.3)
      addressable (~> 2.8)
      colorator (~> 1.0)
      jekyll-sass-converter (~> 1.0)
      jekyll-watch (~> 1.1)
      kramdown (~> 2.3)
      liquid (~> 3.0)
      mercenary (~> 0.3.3)
      pathutil (~> 0.9)
      rouge (~> 1.7)
      safe_yaml (~> 1.0)
    jekyll-asciidoc (3.0.1)
      asciidoctor (>= 1.5.0)
      jekyll (>= 4.2.2)
    jekyll-gist (1.5.0)
      octokit (~> 4.2)
    jekyll-paginate (1.1.0)
    jekyll-sass-converter (3.0.0)
      sass (~> 3.4)
    jekyll-seo-tag (2.8.0)
      jekyll (~> 3.3)
    jekyll-sitemap (1.4.0)
      jekyll (~> 3.3)
    jekyll-watch (2.2.1)
      listen (~> 3.0, < 3.1)
    kramdown (2.4.0)
    liquid (5.5.0)
    listen (3.9.0)
      rb-fsevent (~> 0.9, >= 0.9.4)
      rb-inotify (~> 0.9, >= 0.9.7)
    mercenary (0.4.0)
    multipart-post (2.4.1)
    octokit (9.0.0)
      sawyer (~> 0.8.0, >= 0.5.3)
    pathutil (0.16.2)
      forwardable-extended (~> 2.6)
    public_suffix (5.0.4)
    rb-fsevent (0.11.2)
    rb-inotify (0.11.1)
      ffi (>= 1.10.0)
    rouge (4.2.1)
    safe_yaml (1.0.5)
    sass (3.7.4)
    eventmachine (1.2.7)
    em-websocket(0.5.3)
    sawyer (0.9.2)
      addressable (>= 2.8, < 3.0)
      faraday (~> 0.8, < 1.0)

PLATFORMS
  ruby

DEPENDENCIES
  asciidoctor (~> 1.5.4)
  coderay (= 1.1.1)
  jekyll
  jekyll-asciidoc
  jekyll-gist
  jekyll-paginate
  jekyll-seo-tag
  jekyll-sitemap

BUNDLED WITH
   2.4.14
